PATH
  remote: .
  specs:
    elephrame (0.4.6)
      htmlentities (~> 4.0)
      moo_ebooks (~> 1.0)
      moostodon (~> 0.4.0)
      rufus-scheduler
      tracery (~> 0.7)

GEM
  remote: https://rubygems.org/
  specs:
    addressable (2.6.0)
      public_suffix (>= 2.0.2, < 4.0)
    buftok (0.2.0)
    concurrent-ruby (1.1.5)
    domain_name (0.5.20180417)
      unf (>= 0.0.5, < 1.0.0)
    et-orbi (1.1.8)
      tzinfo
    fugit (1.1.10)
      et-orbi (~> 1.1, >= 1.1.8)
      raabro (~> 1.1)
    highscore (1.2.1)
      whatlanguage (>= 1.0.0)
    htmlentities (4.3.4)
    http (3.3.0)
      addressable (~> 2.3)
      http-cookie (~> 1.0)
      http-form_data (~> 2.0)
      http_parser.rb (~> 0.6.0)
    http-cookie (1.0.3)
      domain_name (~> 0.5)
    http-form_data (2.1.1)
    http_parser.rb (0.6.0)
    minitest (5.11.3)
    moo_ebooks (1.0.2)
      highscore (~> 1.2)
      htmlentities (~> 4.3)
    moostodon (0.4.0)
      addressable (~> 2.5)
      buftok (~> 0)
      http (~> 3.0)
      oj (~> 3.3)
    oj (3.7.12)
    public_suffix (3.0.3)
    raabro (1.1.6)
    rake (10.5.0)
    rufus-scheduler (3.5.2)
      fugit (~> 1.1, >= 1.1.5)
    tracery (0.7.7)
    tzinfo (2.0.0)
      concurrent-ruby (~> 1.0)
    unf (0.1.4)
      unf_ext
    unf_ext (0.0.7.2)
    unf_ext (0.0.7.2-x64-mingw32)
    whatlanguage (1.0.6)

PLATFORMS
  ruby
  x64-mingw32

DEPENDENCIES
  bundler (~> 1.17)
  elephrame!
  minitest (~> 5.0)
  rake (~> 10.0)

BUNDLED WITH
   1.17.2
